GEM
  remote: https://rubygems.org/
  specs:
    minitest (5.11.3)
    rake (12.3.1)

PLATFORMS
  ruby
  x64-mingw32

DEPENDENCIES
  minitest
  rake

BUNDLED WITH
   1.16.2
